PATH
  remote: .
  specs:
    prake (0.0.1)
      rake

GEM
  remote: http://rubygems.org/
  specs:
    minitest (2.12.1)
    rake (0.9.2.2)

PLATFORMS
  ruby

DEPENDENCIES
  minitest
  prake!
